GEM
  remote: https://rubygems.org/
  specs:
    addressable (2.6.0)
      public_suffix (>= 2.0.2, < 4.0)
    attribute_struct (0.4.4)
      bogo (>= 0.1.31, < 0.3.0)
    bogo (0.2.14)
      concurrent-ruby (~> 1.1.3)
      hashie
      multi_json
    bogo-cli (0.2.18)
      bogo (>= 0.2.14, < 0.6)
      bogo-config (>= 0.1.15, < 0.5)
      bogo-ui
      slop (~> 3)
    bogo-config (0.2.2)
      attribute_struct
      bogo (>= 0.1.4, < 1.0)
      multi_json
      multi_xml
    bogo-ui (0.1.28)
      bogo
      command_line_reporter
      paint
    byebug (11.0.1)
    colored (1.2)
    command_line_reporter (4.0.0)
      colored (>= 1.2)
    concurrent-ruby (1.1.5)
    domain_name (0.5.20190701)
      unf (>= 0.0.5, < 1.0.0)
    faraday (0.15.4)
      multipart-post (>= 1.2, < 3)
    fastly (2.3.0)
    gemfury (0.10.0)
      faraday (>= 0.9.0, < 0.16.0.pre)
      highline (>= 1.6.0, < 2.1.0.pre)
      multi_json (~> 1.10)
      netrc (>= 0.10.0, < 0.12.0.pre)
      thor (>= 0.14.0, < 1.0.0.pre)
    git-version-bump (0.16.0)
    graph (2.8.2)
    hashdiff (0.2.3)
    hashie (3.6.0)
    highline (2.0.2)
    http (3.3.0)
      addressable (~> 2.3)
      http-cookie (~> 1.0)
      http-form_data (~> 2.0)
      http_parser.rb (~> 0.6.0)
    http-cookie (1.0.3)
      domain_name (~> 0.5)
    http-form_data (2.1.1)
    http_parser.rb (0.6.0)
    i18n_yaml_sorter (0.2.0)
    irb (1.0.0)
    jmespath (1.4.0)
    kramdown (1.17.0)
    mdl (0.5.0)
      kramdown (>= 1.12.0, ~> 1.12)
      mixlib-cli (>= 1.7.0, ~> 1.7)
      mixlib-config (~> 2.2, >= 2.2.1)
    miasma (0.3.6)
      bogo (>= 0.2.12, < 1.0)
      http (>= 0.8.12, < 4.0)
      multi_json
      multi_xml
      xml-simple
    miasma-aws (0.3.26)
      miasma (>= 0.3.5, < 0.5)
    miasma-azure (0.1.4)
    miasma-google (0.1.0)
      miasma (>= 0.2.12)
      mime-types
    miasma-open-stack (0.1.4)
    miasma-rackspace (0.1.2)
      miasma-open-stack
    miasma-terraform (0.1.2)
    mime-types (3.2.2)
      mime-types-data (~> 3.2015)
    mime-types-data (3.2019.0331)
    mixlib-cli (1.7.0)
    mixlib-config (2.2.18)
      tomlrb
    multi_json (1.13.1)
    multi_xml (0.6.0)
    multipart-post (2.1.1)
    net-ssh (5.2.0)
    netrc (0.11.0)
    paint (2.1.0)
    public_suffix (3.1.1)
    sfn (3.1.4)
      bogo-cli (>= 0.2.5, < 0.4)
      bogo-ui (>= 0.1.28, < 0.4)
      graph (~> 2.8.1)
      hashdiff (~> 0.2.2)
      jmespath
      miasma (>= 0.3.3, < 0.4)
      miasma-aws (>= 0.3.15, < 0.4)
      miasma-azure (>= 0.1.0, < 0.3)
      miasma-google (>= 0.1.0, < 0.3)
      miasma-open-stack (>= 0.1.0, < 0.3)
      miasma-rackspace (>= 0.1.0, < 0.3)
      miasma-terraform (>= 0.1.0, < 0.2.0)
      net-ssh
      sparkle_formation (>= 3.0.35, < 4)
    slop (3.6.0)
    sparkle_formation (3.0.38)
      attribute_struct (>= 0.4.3, < 0.5)
      bogo
      multi_json
    thor (0.20.3)
    tomlrb (1.2.8)
    unf (0.1.4)
      unf_ext
    unf_ext (0.0.7.6)
    xml-simple (1.1.5)

PLATFORMS
  ruby

DEPENDENCIES
  bundler (~> 1.17)
  byebug
  fastly
  gemfury
  git-version-bump
  hashie
  i18n_yaml_sorter
  irb
  mdl
  sfn
