GEM
  remote: https://api.rubygems.org/
  specs:
    addressable (2.5.0)
      public_suffix (~> 2.0, >= 2.0.2)
    attribute_struct (0.3.4)
      bogo (>= 0.1.31, < 0.3.0)
    bogo (0.2.8)
      hashie
      multi_json
    bogo-cli (0.2.12)
      bogo (>= 0.1.6, < 0.6)
      bogo-config (>= 0.1.15, < 0.5)
      bogo-ui
      slop (~> 3)
    bogo-config (0.2.2)
      attribute_struct
      bogo (>= 0.1.4, < 1.0)
      multi_json
      multi_xml
    bogo-ui (0.1.24)
      bogo
      command_line_reporter
      paint
    byebug (9.1.0)
    colored (1.2)
    command_line_reporter (3.3.6)
      colored (>= 1.2)
    domain_name (0.5.20170223)
      unf (>= 0.0.5, < 1.0.0)
    faraday (0.9.2)
      multipart-post (>= 1.2, < 3)
    gemfury (0.6.0)
      faraday (>= 0.9.0, < 0.10.0.pre)
      highline (~> 1.6.0)
      multi_json (~> 1.10)
      netrc (~> 0.10.0)
      thor (>= 0.14.0, < 1.0.0.pre)
    git-version-bump (0.15.1)
    graph (2.8.2)
    hashdiff (0.2.3)
    hashie (3.5.4)
    highline (1.6.21)
    http (1.0.4)
      addressable (~> 2.3)
      http-cookie (~> 1.0)
      http-form_data (~> 1.0.1)
      http_parser.rb (~> 0.6.0)
    http-cookie (1.0.3)
      domain_name (~> 0.5)
    http-form_data (1.0.1)
    http_parser.rb (0.6.0)
    jmespath (1.3.1)
    miasma (0.3.2)
      bogo (>= 0.2.2, < 1.0)
      http (>= 0.8.12, < 1.1)
      multi_json
      multi_xml
      xml-simple
    miasma-aws (0.3.6)
      miasma (>= 0.3.1, < 0.5)
    miasma-azure (0.1.4)
    miasma-google (0.1.0)
      miasma (>= 0.2.12)
      mime-types
    miasma-open-stack (0.1.4)
    miasma-rackspace (0.1.2)
      miasma-open-stack
    miasma-terraform (0.1.2)
    mime-types (3.1)
      mime-types-data (~> 3.2015)
    mime-types-data (3.2016.0521)
    multi_json (1.12.1)
    multi_xml (0.6.0)
    multipart-post (2.0.0)
    net-ssh (4.1.0)
    netrc (0.10.3)
    paint (2.0.0)
    public_suffix (2.0.5)
    sfn (3.0.22)
      bogo-cli (>= 0.2.5, < 0.4)
      bogo-ui (>= 0.1.22, < 0.4)
      graph (~> 2.8.1)
      hashdiff (~> 0.2.2)
      jmespath
      miasma (>= 0.3.0, < 0.4)
      miasma-aws (>= 0.3.6, < 0.4)
      miasma-azure (>= 0.1.0, < 0.3)
      miasma-google (>= 0.1.0, < 0.3)
      miasma-open-stack (>= 0.1.0, < 0.3)
      miasma-rackspace (>= 0.1.0, < 0.3)
      miasma-terraform (>= 0.1.0, < 0.2.0)
      net-ssh
      sparkle_formation (>= 3.0.11, < 4)
    slop (3.6.0)
    sparkle_formation (3.0.14)
      attribute_struct (>= 0.3.0, < 0.5)
      bogo
      multi_json
    thor (0.19.4)
    unf (0.1.4)
      unf_ext
    unf_ext (0.0.7.2)
    xml-simple (1.1.5)

GEM
  remote: https://rubygems.org/
  specs:

PLATFORMS
  ruby

DEPENDENCIES
  bundler (~> 1.17)
  byebug
  gemfury
  git-version-bump
  hashie
  sfn
